GEM
  remote: https://rubygems.org/
  specs:
    chunky_png (1.2.7)
    compass (0.13.alpha.2)
      chunky_png (~> 1.2)
      listen (~> 0.5.3)
      sass (~> 3.2.0.alpha.93)
    haml (4.0.0)
      tilt
    json (1.7.6)
    listen (0.5.3)
    rack (1.5.1)
    rack-protection (1.3.2)
      rack
    sass (3.2.7)
    sinatra (1.3.4)
      rack (~> 1.4)
      rack-protection (~> 1.3)
      tilt (~> 1.3, >= 1.3.3)
    tilt (1.3.3)

PLATFORMS
  ruby

DEPENDENCIES
  compass
  haml
  json
  sinatra
